PATH
  remote: .
  specs:
    arid_cache (1.3.4)
      will_paginate

GEM
  remote: http://rubygems.org/
  specs:
    activerecord (2.3.11)
      activesupport (= 2.3.11)
    activesupport (2.3.11)
    columnize (0.3.1)
    faker (0.3.1)
    gemcutter (0.6.1)
    git (1.2.5)
    hoe (2.6.2)
      rake (>= 0.8.7)
      rubyforge (>= 2.0.4)
    jeweler (1.4.0)
      gemcutter (>= 0.1.0)
      git (>= 1.2.5)
      rubyforge (>= 2.0.0)
    json_pure (1.4.6)
    linecache (0.43)
    machinist (1.0.6)
    rake (0.8.7)
    rr (1.0.2)
    rspec (1.3.1)
    ruby-debug (0.10.3)
      columnize (>= 0.1)
      ruby-debug-base (~> 0.10.3.0)
    ruby-debug-base (0.10.3)
      linecache (>= 0.3)
    rubyforge (2.0.4)
      json_pure (>= 1.1.7)
    sqlite3-ruby (1.3.1)
    test-unit (1.2.3)
      hoe (>= 1.5.1)
    will_paginate (2.3.15)

PLATFORMS
  ruby

DEPENDENCIES
  activerecord (= 2.3.11)
  activesupport (= 2.3.11)
  arid_cache!
  faker (= 0.3.1)
  jeweler (= 1.4.0)
  machinist (= 1.0.6)
  rr (~> 1.0.2)
  rspec (~> 1.3.1)
  ruby-debug (= 0.10.3)
  ruby-debug-base (= 0.10.3)
  sqlite3-ruby (= 1.3.1)
  test-unit (= 1.2.3)
  will_paginate (= 2.3.15)
